GEM
  remote: https://rubygems.org/
  specs:
    fakeweb (1.3.0)
    httparty (0.13.3)
      json (~> 1.8)
      multi_xml (>= 0.5.2)
    json (1.8.1)
    minitest (5.10.1)
    multi_xml (0.6.0)
    rake (12.0.0)

PLATFORMS
  ruby

DEPENDENCIES
  fakeweb
  httparty (= 0.13.3)
  json (= 1.8.1)
  minitest
  rake

BUNDLED WITH
   1.12.5
